PATH
  remote: .
  specs:
    free_zipcode_data (1.0.6)
      colored (~> 1.2)
      kiba (~> 4.0)
      optimist (~> 3.0)
      ruby-progressbar (~> 1.9)
      rubyzip (>= 1.2.2)
      sqlite3 (~> 1.3)

GEM
  remote: https://rubygems.org/
  specs:
    ast (2.4.2)
    coderay (1.1.3)
    colored (1.2)
    diff-lcs (1.4.4)
    docile (1.4.0)
    kiba (4.0.0)
    method_source (0.9.2)
    mini_portile2 (2.8.9)
    optimist (3.2.1)
    parallel (1.21.0)
    parser (3.0.2.0)
      ast (~> 2.4.1)
    pry (0.12.2)
      coderay (~> 1.1.0)
      method_source (~> 0.9.0)
    pry-nav (0.3.0)
      pry (>= 0.9.10, < 0.13.0)
    rainbow (3.0.0)
    rake (13.0.6)
    regexp_parser (2.1.1)
    rexml (3.4.2)
    rspec (3.10.0)
      rspec-core (~> 3.10.0)
      rspec-expectations (~> 3.10.0)
      rspec-mocks (~> 3.10.0)
    rspec-core (3.10.1)
      rspec-support (~> 3.10.0)
    rspec-expectations (3.10.1)
      diff-lcs (>= 1.2.0, < 2.0)
      rspec-support (~> 3.10.0)
    rspec-mocks (3.10.2)
      diff-lcs (>= 1.2.0, < 2.0)
      rspec-support (~> 3.10.0)
    rspec-support (3.10.3)
    rubocop (1.22.3)
      parallel (~> 1.10)
      parser (>= 3.0.0.0)
      rainbow (>= 2.2.2, < 4.0)
      regexp_parser (>= 1.8, < 3.0)
      rexml
      rubocop-ast (>= 1.12.0, < 2.0)
      ruby-progressbar (~> 1.7)
      unicode-display_width (>= 1.4.0, < 3.0)
    rubocop-ast (1.12.0)
      parser (>= 3.0.1.1)
    ruby-prof (0.18.0)
    ruby-progressbar (1.11.0)
    rubyzip (3.1.1)
    simplecov (0.21.2)
      docile (~> 1.1)
      simplecov-html (~> 0.11)
      simplecov_json_formatter (~> 0.1)
    simplecov-html (0.12.3)
    simplecov_json_formatter (0.1.3)
    sqlite3 (1.7.3)
      mini_portile2 (~> 2.8.0)
    unicode-display_width (2.1.0)

PLATFORMS
  ruby

DEPENDENCIES
  bundler
  free_zipcode_data!
  pry-nav (~> 0.2)
  rake (~> 13.0)
  rspec (~> 3.7)
  rubocop
  ruby-prof (~> 0.17)
  simplecov (~> 0.16)

BUNDLED WITH
   2.2.22
